GEM
  remote: https://rubygems.org/
  specs:
    aggregate (0.2.2)
    bacon (1.2.0)
    bson (1.8.5)
    bson_ext (1.8.5)
      bson (~> 1.8.5)
    bugsnag (1.3.1)
      httparty (>= 0.6, < 1.0)
      multi_json (~> 1.0)
    connection_pool (1.0.0)
    faraday (0.8.7)
      multipart-post (~> 1.1)
    hiredis (0.4.5)
    httparty (0.11.0)
      multi_json (~> 1.0)
      multi_xml (>= 0.5.2)
    librato-metrics (1.0.4)
      aggregate (~> 0.2.2)
      faraday (~> 0.7)
      multi_json
    librato-rack (0.2.1)
      librato-metrics (~> 1.0.2)
    mongo (1.8.5)
      bson (~> 1.8.5)
    mono_logger (1.0.1)
    multi_json (1.7.2)
    multi_xml (0.5.3)
    multipart-post (1.2.0)
    pg (0.15.1)
    puma (2.0.0.b7)
      rack (>= 1.1, < 2.0)
    rack (1.5.2)
    rack-protection (1.5.0)
      rack
    rack-ssl (1.3.3)
      rack
    rake (10.0.4)
    redis (3.0.3)
    redis-namespace (1.2.1)
      redis (~> 3.0.0)
    resque (1.24.1)
      mono_logger (~> 1.0)
      multi_json (~> 1.0)
      redis-namespace (~> 1.2)
      sinatra (>= 0.9.2)
      vegas (~> 0.1.2)
    sequel (3.46.0)
    sinatra (1.4.2)
      rack (~> 1.5, >= 1.5.2)
      rack-protection (~> 1.4)
      tilt (~> 1.3, >= 1.3.4)
    sinatra-param (0.1.2)
      sinatra (~> 1.3)
    sinatra-sequel (0.9.0)
      bacon
      sequel (>= 3.2.0)
      sinatra (>= 0.9.4)
    state_machine (1.2.0)
    tilt (1.3.7)
    vegas (0.1.11)
      rack (>= 1.0.0)

PLATFORMS
  ruby

DEPENDENCIES
  bson_ext
  bugsnag
  connection_pool
  hiredis
  librato-rack
  mongo
  pg
  puma (= 2.0.0.b7)
  rack
  rack-ssl
  rake
  redis
  resque
  sequel
  sinatra
  sinatra-param
  sinatra-sequel
  state_machine
