GEM
  remote: https://rubygems.org/
  specs:
    aggregate (0.2.2)
    backports (3.3.0)
    bacon (1.2.0)
    bson (1.8.5)
    bson_ext (1.8.5)
      bson (~> 1.8.5)
    bugsnag (1.3.1)
      httparty (>= 0.6, < 1.0)
      multi_json (~> 1.0)
    celluloid (0.12.4)
      facter (>= 1.6.12)
      timers (>= 1.0.0)
    connection_pool (1.0.0)
    eventmachine (1.0.3)
    facter (1.7.0)
    faraday (0.8.7)
      multipart-post (~> 1.1)
    hiredis (0.4.5)
    httparty (0.11.0)
      multi_json (~> 1.0)
      multi_xml (>= 0.5.2)
    i18n (0.6.4)
    librato-metrics (1.0.4)
      aggregate (~> 0.2.2)
      faraday (~> 0.7)
      multi_json
    librato-rack (0.2.1)
      librato-metrics (~> 1.0.2)
    mongo (1.8.5)
      bson (~> 1.8.5)
    multi_json (1.7.2)
    multi_xml (0.5.3)
    multipart-post (1.2.0)
    pg (0.15.1)
    puma (2.0.0.b7)
      rack (>= 1.1, < 2.0)
    rack (1.5.2)
    rack-protection (1.5.0)
      rack
    rack-ssl (1.3.3)
      rack
    rack-test (0.6.2)
      rack (>= 1.0)
    redis (3.0.3)
    redis-namespace (1.2.1)
      redis (~> 3.0.0)
    sequel (3.46.0)
    sidekiq (2.10.0)
      celluloid (~> 0.12.0)
      connection_pool (~> 1.0)
      i18n
      multi_json (~> 1)
      redis (~> 3)
      redis-namespace
      sinatra
      slim
    sinatra (1.4.2)
      rack (~> 1.5, >= 1.5.2)
      rack-protection (~> 1.4)
      tilt (~> 1.3, >= 1.3.4)
    sinatra-contrib (1.4.0)
      backports (>= 2.0)
      eventmachine
      rack-protection
      rack-test
      sinatra (~> 1.4.2)
      tilt (~> 1.3)
    sinatra-param (0.1.2)
      sinatra (~> 1.3)
    sinatra-sequel (0.9.0)
      bacon
      sequel (>= 3.2.0)
      sinatra (>= 0.9.4)
    slim (1.3.8)
      temple (~> 0.6.3)
      tilt (~> 1.3.3)
    state_machine (1.2.0)
    temple (0.6.3)
    tilt (1.3.7)
    timers (1.1.0)

PLATFORMS
  ruby

DEPENDENCIES
  bson_ext
  bugsnag
  connection_pool
  hiredis
  librato-rack
  mongo
  pg
  puma (= 2.0.0.b7)
  rack
  rack-ssl
  redis
  sequel
  sidekiq
  sinatra
  sinatra-contrib
  sinatra-param
  sinatra-sequel
  state_machine
