GEM
  remote: https://rubygems.org/
  specs:
    bacon (1.2.0)
    pg (0.15.0)
    puma (1.6.3)
      rack (~> 1.2)
    rack (1.5.2)
    rack-protection (1.5.0)
      rack
    sequel (3.45.0)
    sinatra (1.4.2)
      rack (~> 1.5, >= 1.5.2)
      rack-protection (~> 1.4)
      tilt (~> 1.3, >= 1.3.4)
    sinatra-sequel (0.9.0)
      bacon
      sequel (>= 3.2.0)
      sinatra (>= 0.9.4)
    tilt (1.3.5)

PLATFORMS
  ruby

DEPENDENCIES
  pg
  puma
  rack
  sequel
  sinatra
  sinatra-sequel
