GEM
  remote: https://rubygems.org/
  specs:
    bacon (1.2.0)
    bugsnag (1.3.0)
      httparty (>= 0.6, < 1.0)
      multi_json (~> 1.0)
    httparty (0.10.2)
      multi_json (~> 1.0)
      multi_xml (>= 0.5.2)
    multi_json (1.7.2)
    multi_xml (0.5.3)
    pg (0.15.0)
    puma (1.6.3)
      rack (~> 1.2)
    rack (1.5.2)
    rack-protection (1.5.0)
      rack
    sequel (3.45.0)
    sinatra (1.4.2)
      rack (~> 1.5, >= 1.5.2)
      rack-protection (~> 1.4)
      tilt (~> 1.3, >= 1.3.4)
    sinatra-param (0.1.2)
      sinatra (~> 1.3)
    sinatra-sequel (0.9.0)
      bacon
      sequel (>= 3.2.0)
      sinatra (>= 0.9.4)
    state_machine (1.1.2)
    tilt (1.3.5)

PLATFORMS
  ruby

DEPENDENCIES
  bugsnag
  pg
  puma
  rack
  sequel
  sinatra
  sinatra-param
  sinatra-sequel
  state_machine
